PATH
  remote: .
  specs:
    pliny (0.0.1)
      activesupport
      http_accept
      multi_json
      pg
      sequel
      sinatra
      sinatra-router

GEM
  remote: https://rubygems.org/
  specs:
    activesupport (4.1.0)
      i18n (~> 0.6, >= 0.6.9)
      json (~> 1.7, >= 1.7.7)
      minitest (~> 5.1)
      thread_safe (~> 0.1)
      tzinfo (~> 1.1)
    http_accept (0.1.5)
    i18n (0.6.9)
    json (1.8.1)
    minitest (5.3.3)
    multi_json (1.9.2)
    pg (0.17.1)
    rack (1.5.2)
    rack-protection (1.5.3)
      rack
    rack-test (0.6.2)
      rack (>= 1.0)
    rr (1.1.2)
    sequel (4.9.0)
    sinatra (1.4.5)
      rack (~> 1.4)
      rack-protection (~> 1.4)
      tilt (~> 1.3, >= 1.3.4)
    sinatra-router (0.2.3)
      sinatra (~> 1.4)
    thread_safe (0.3.3)
    tilt (1.4.1)
    timecop (0.7.1)
    tzinfo (1.1.0)
      thread_safe (~> 0.1)

PLATFORMS
  ruby

DEPENDENCIES
  pliny!
  rack-test
  rr
  timecop
